GIT
  remote: git@github.com:Fingertips/Peck.git
  revision: 352cdde4d14f8952caae551667e512e1ff319500
  specs:
    peck (0.1.0)

GEM
  remote: http://rubygems.org/
  specs:
    json (1.7.5)
    nap (0.5.1)
    rake (0.9.2.2)

PLATFORMS
  ruby

DEPENDENCIES
  json
  nap
  peck!
  rake
