GIT
  remote: git@github.com:Fingertips/Peck.git
  revision: bb710bc1949cbbc36456b5a1108e4854aa330d96
  specs:
    peck (0.5.4)

GEM
  remote: http://rubygems.org/
  specs:
    json (2.1.0)
    nap (1.1.0)
    rake (12.3.1)

PLATFORMS
  ruby

DEPENDENCIES
  json
  nap
  peck!
  rake

BUNDLED WITH
   1.16.5
